GEM
  remote: https://rubygems.org/
  specs:
    CoffeeTags (0.0.2.6)
    erubis (2.7.0)
    rake (10.0.4)

PLATFORMS
  ruby

DEPENDENCIES
  CoffeeTags
  erubis
  rake
