GEM
  remote: https://rubygems.org/
  specs:
    CoffeeTags (0.0.2.6)
    colorize (0.7.3)
    erubis (2.7.0)
    rake (10.3.2)

PLATFORMS
  ruby

DEPENDENCIES
  CoffeeTags
  colorize
  erubis
  rake
